PATH
  remote: .
  specs:
    easy-struct (0.0.2)
      activesupport (~> 5.1.1)
      httparty (~> 0.15.5)

GEM
  remote: https://rubygems.org/
  specs:
    activesupport (5.1.1)
      concurrent-ruby (~> 1.0, >= 1.0.2)
      i18n (~> 0.7)
      minitest (~> 5.1)
      tzinfo (~> 1.1)
    concurrent-ruby (1.0.5)
    httparty (0.15.5)
      multi_xml (>= 0.5.2)
    i18n (0.8.4)
    minitest (5.10.2)
    multi_xml (0.6.0)
    thread_safe (0.3.6)
    tzinfo (1.2.3)
      thread_safe (~> 0.1)

PLATFORMS
  ruby

DEPENDENCIES
  easy-struct!

BUNDLED WITH
   1.15.1
